GEM
  remote: http://rubygems.org/
  specs:
    daemons (1.1.5)
    eventmachine (0.12.10)
    rack (1.4.0)
    rake (0.9.2.2)
    rubyzip (0.9.9)
    thin (1.3.1)
      daemons (>= 1.0.9)
      eventmachine (>= 0.12.6)
      rack (>= 1.0.0)
    yuicompressor (1.2.0)

PLATFORMS
  ruby

DEPENDENCIES
  rack
  rake
  rubyzip (= 0.9.9)
  thin
  yuicompressor
