GEM
  remote: http://rubygems.org/
  specs:
    rake (0.9.2.2)
    rubyzip (0.9.9)
    yuicompressor (1.2.0)

PLATFORMS
  ruby

DEPENDENCIES
  rake
  rubyzip (= 0.9.9)
  yuicompressor
